GEM
  remote: https://rubygems.org/
  specs:
    diff-lcs (1.2.4)
    mini_portile (0.5.2)
    nokogiri (1.6.1)
      mini_portile (~> 0.5.0)
    rspec (2.14.1)
      rspec-core (~> 2.14.0)
      rspec-expectations (~> 2.14.0)
      rspec-mocks (~> 2.14.0)
    rspec-core (2.14.5)
    rspec-expectations (2.14.2)
      diff-lcs (>= 1.1.3, < 2.0)
    rspec-mocks (2.14.3)
    rubyzip (1.1.0)

PLATFORMS
  ruby

DEPENDENCIES
  nokogiri
  rspec
  rubyzip
